GEM
  remote: https://rubygems.org/
  specs:
    bson (1.11.1)
    mongo (1.11.1)
      bson (= 1.11.1)
    rack (1.5.2)

PLATFORMS
  ruby

DEPENDENCIES
  mongo
  rack
