GEM
  remote: https://rubygems.org/
  specs:
    bson (4.0.0)
    mongo (2.2.1)
      bson (~> 4.0)
    rack (1.6.4)

PLATFORMS
  ruby

DEPENDENCIES
  mongo
  rack
