GEM
  remote: https://rubygems.org/
  specs:
    bson (1.12.0)
    bson_ext (1.12.0)
      bson (~> 1.12.0)
    mongo (1.12.0)
      bson (= 1.12.0)
    rack (1.5.2)

PLATFORMS
  ruby

DEPENDENCIES
  bson_ext (= 1.12.0)
  mongo (= 1.12.0)
  rack (= 1.5.2)
